GEM
  remote: https://rubygems.org/
  specs:
    ffi (1.9.10)

PLATFORMS
  ruby

DEPENDENCIES
  ffi
